GEM
  remote: https://rubygems.org/
  specs:
    activesupport (6.0.3)
      concurrent-ruby (~> 1.0, >= 1.0.2)
      i18n (>= 0.7, < 2)
      minitest (~> 5.1)
      tzinfo (~> 1.1)
      zeitwerk (~> 2.2, >= 2.2.2)
    atlassian-jwt (0.2.0)
      jwt (~> 2.1.0)
    concurrent-ruby (1.1.6)
    httpclient (2.8.3)
    i18n (1.8.2)
      concurrent-ruby (~> 1.0)
    jira-ruby (2.0.0)
      activesupport
      atlassian-jwt
      multipart-post
      oauth (~> 0.5, >= 0.5.0)
    jwt (2.1.0)
    little-plugger (1.1.4)
    logging (2.2.2)
      little-plugger (~> 1.1)
      multi_json (~> 1.10)
    mini_portile2 (2.5.1)
    minitest (5.14.0)
    multi_json (1.14.1)
    multipart-post (2.1.1)
    nokogiri (1.11.5)
      mini_portile2 (~> 2.5.0)
      racc (~> 1.4)
    nokogiri (1.11.5-x64-mingw32)
      racc (~> 1.4)
    oauth (0.5.4)
    racc (1.5.2)
    rubyntlm (0.6.2)
    thread_safe (0.3.6)
    tzinfo (1.2.7)
      thread_safe (~> 0.1)
    viewpoint (1.1.0)
      httpclient
      logging
      nokogiri
      rubyntlm
    zeitwerk (2.3.0)

PLATFORMS
  ruby
  x64-mingw32

DEPENDENCIES
  jira-ruby
  viewpoint

RUBY VERSION
   ruby 2.6.5p114

BUNDLED WITH
   1.17.2
